GEM
  remote: https://rubygems.org/
  specs:
    json (2.6.2)
    mustermann (3.0.0)
      ruby2_keywords (~> 0.0.1)
    rack (2.2.4)
    rack-protection (3.0.1)
      rack
    ruby2_keywords (0.0.5)
    sinatra (3.0.1)
      mustermann (~> 3.0)
      rack (~> 2.2, >= 2.2.4)
      rack-protection (= 3.0.1)
      tilt (~> 2.0)
    tilt (2.0.11)

PLATFORMS
  ruby

DEPENDENCIES
  json (~> 2.6)
  sinatra (~> 3.0)

BUNDLED WITH
   1.17.2
